GEM
  remote: https://rubygems.org/
  specs:
    abstract_type (0.0.7)
    activesupport (4.2.0)
      i18n (~> 0.7)
      json (~> 1.7, >= 1.7.7)
      minitest (~> 5.1)
      thread_safe (~> 0.3, >= 0.3.4)
      tzinfo (~> 1.1)
    adamantium (0.2.0)
      ice_nine (~> 0.11.0)
      memoizable (~> 0.4.0)
    axiom (0.2.0)
      abstract_type (~> 0.0.7)
      adamantium (~> 0.2.0)
      axiom-types (~> 0.1.0)
      descendants_tracker (~> 0.0.3)
      equalizer (~> 0.0.9)
    axiom-memory-adapter (0.2.1)
      axiom (~> 0.2.0)
      thread_safe (~> 0.3, >= 0.3.1)
    axiom-types (0.1.1)
      descendants_tracker (~> 0.0.4)
      ice_nine (~> 0.11.0)
      thread_safe (~> 0.3, >= 0.3.1)
    coercible (1.0.0)
      descendants_tracker (~> 0.0.1)
    coffee-script (2.3.0)
      coffee-script-source
      execjs
    coffee-script-source (1.8.0)
    descendants_tracker (0.0.4)
      thread_safe (~> 0.3, >= 0.3.1)
    equalizer (0.0.9)
    execjs (2.2.2)
    hashie (3.3.2)
    hike (1.2.3)
    i18n (0.7.0)
    ice_nine (0.11.1)
    json (1.8.1)
    mementus (0.1.6)
      axiom-memory-adapter
      virtus
    memoizable (0.4.2)
      thread_safe (~> 0.3, >= 0.3.1)
    minitest (5.5.0)
    multi_json (1.10.1)
    mustache (0.99.8)
    rack (1.6.0)
    rake (10.4.2)
    sprockets (2.12.3)
      hike (~> 1.2)
      multi_json (~> 1.0)
      rack (~> 1.0)
      tilt (~> 1.1, != 1.3.0)
    thread_safe (0.3.4)
    tilt (1.4.1)
    tzinfo (1.2.2)
      thread_safe (~> 0.1)
    virtus (1.0.3)
      axiom-types (~> 0.1)
      coercible (~> 1.0)
      descendants_tracker (~> 0.0, >= 0.0.3)
      equalizer (~> 0.0, >= 0.0.9)
    watchr (0.7)
    yarrow (0.2.6)
      activesupport
      hashie
      mementus
      sprockets

PLATFORMS
  ruby

DEPENDENCIES
  coffee-script
  mustache
  rake
  watchr
  yarrow
